GIT
  remote: https://github.com/rdvdijk/icanhasaudio.git
  revision: 568723406912483e46e21595fb8058472293c8bc
  specs:
    icanhasaudio (0.1.3)

GEM
  remote: https://rubygems.org/
  specs:
    airbrussh (1.4.0)
      sshkit (>= 1.6.1, != 1.7.0)
    capistrano (3.14.1)
      airbrussh (>= 1.0.0)
      i18n
      rake (>= 10.0.0)
      sshkit (>= 1.9.0)
    concurrent-ruby (1.1.7)
    flacinfo-rb (1.0)
    haml (5.2.0)
      temple (>= 0.8.0)
      tilt
    i18n (1.8.5)
      concurrent-ruby (~> 1.0)
    multi_json (1.15.0)
    mustermann (1.1.1)
      ruby2_keywords (~> 0.0.1)
    net-scp (3.0.0)
      net-ssh (>= 2.6.5, < 7.0.0)
    net-ssh (6.1.0)
    nio4r (2.5.4)
    puma (5.0.4)
      nio4r (~> 2.0)
    rack (2.2.6.3)
    rack-protection (2.1.0)
      rack
    rack-ssl-enforcer (0.2.9)
    rake (13.0.1)
    ruby-audio (1.6.1)
    ruby2_keywords (0.0.2)
    sinatra (2.1.0)
      mustermann (~> 1.0)
      rack (~> 2.2)
      rack-protection (= 2.1.0)
      tilt (~> 2.0)
    sinatra-contrib (2.1.0)
      multi_json
      mustermann (~> 1.0)
      rack-protection (= 2.1.0)
      sinatra (= 2.1.0)
      tilt (~> 2.0)
    sshkit (1.21.0)
      net-scp (>= 1.1.2)
      net-ssh (>= 2.8.0)
    temple (0.8.2)
    tilt (2.0.10)
    yaml (0.1.0)

PLATFORMS
  ruby

DEPENDENCIES
  capistrano (~> 3.14)
  flacinfo-rb
  haml
  icanhasaudio (= 0.1.3)!
  puma
  rack-ssl-enforcer
  ruby-audio
  sinatra
  sinatra-contrib
  yaml

BUNDLED WITH
   2.1.4
