GIT
  remote: https://github.com/rdvdijk/icanhasaudio.git
  revision: 568723406912483e46e21595fb8058472293c8bc
  specs:
    icanhasaudio (0.1.3)

GEM
  remote: https://rubygems.org/
  specs:
    flacinfo-rb (1.0)
    haml (5.2.0)
      temple (>= 0.8.0)
      tilt
    multi_json (1.15.0)
    mustermann (1.1.1)
      ruby2_keywords (~> 0.0.1)
    nio4r (2.5.4)
    puma (5.0.4)
      nio4r (~> 2.0)
    rack (2.2.3)
    rack-protection (2.1.0)
      rack
    ruby-audio (1.6.1)
    ruby2_keywords (0.0.2)
    sinatra (2.1.0)
      mustermann (~> 1.0)
      rack (~> 2.2)
      rack-protection (= 2.1.0)
      tilt (~> 2.0)
    sinatra-contrib (2.1.0)
      multi_json
      mustermann (~> 1.0)
      rack-protection (= 2.1.0)
      sinatra (= 2.1.0)
      tilt (~> 2.0)
    temple (0.8.2)
    tilt (2.0.10)
    yaml (0.1.0)

PLATFORMS
  ruby

DEPENDENCIES
  flacinfo-rb
  haml
  icanhasaudio (= 0.1.3)!
  puma
  ruby-audio
  sinatra
  sinatra-contrib
  yaml

BUNDLED WITH
   2.1.4
